RESTRICTION: || (== netstandard2.0) (== xamarinmac)
NUGET
  remote: https://api.nuget.org/v3/index.json
    DocumentFormat.OpenXml (2.9)
      NETStandard.Library (>= 1.6.1)
      System.IO.Packaging (>= 4.5)
      System.Runtime.Serialization.Xml (>= 4.3)
    Fabulous.Core (0.32)
      Fabulous.CustomControls (>= 0.32) - restriction: || (== netstandard2.0) (&& (== xamarinmac) (>= netstandard2.0))
      FSharp.Core (>= 4.5.2) - restriction: || (== netstandard2.0) (&& (== xamarinmac) (>= netstandard2.0))
      Xamarin.Forms (>= 3.4.0.1009999) - restriction: || (== netstandard2.0) (&& (== xamarinmac) (>= netstandard2.0))
    Fabulous.CustomControls (0.32) - restriction: || (== netstandard2.0) (&& (== xamarinmac) (>= netstandard2.0))
      FSharp.Core (>= 4.5.2) - restriction: || (== netstandard2.0) (&& (== xamarinmac) (>= netstandard2.0))
      Xamarin.Forms (>= 3.4.0.1009999) - restriction: || (== netstandard2.0) (&& (== xamarinmac) (>= netstandard2.0))
    FSharp.Core (4.6.1)
      System.Collections (>= 4.0.11) - restriction: == xamarinmac
      System.Console (>= 4.0) - restriction: == xamarinmac
      System.Diagnostics.Debug (>= 4.0.11) - restriction: == xamarinmac
      System.Diagnostics.Tools (>= 4.0.1) - restriction: == xamarinmac
      System.Globalization (>= 4.0.11) - restriction: == xamarinmac
      System.IO (>= 4.1) - restriction: == xamarinmac
      System.Linq (>= 4.1) - restriction: == xamarinmac
      System.Linq.Expressions (>= 4.1) - restriction: == xamarinmac
      System.Linq.Queryable (>= 4.0.1) - restriction: == xamarinmac
      System.Net.Requests (>= 4.0.11) - restriction: == xamarinmac
      System.Reflection (>= 4.1) - restriction: == xamarinmac
      System.Reflection.Extensions (>= 4.0.1) - restriction: == xamarinmac
      System.Resources.ResourceManager (>= 4.0.1) - restriction: == xamarinmac
      System.Runtime (>= 4.1) - restriction: == xamarinmac
      System.Runtime.Extensions (>= 4.1) - restriction: == xamarinmac
      System.Runtime.Numerics (>= 4.0.1) - restriction: == xamarinmac
      System.Text.RegularExpressions (>= 4.1) - restriction: == xamarinmac
      System.Threading (>= 4.0.11) - restriction: == xamarinmac
      System.Threading.Tasks (>= 4.0.11) - restriction: == xamarinmac
      System.Threading.Tasks.Parallel (>= 4.0.1) - restriction: == xamarinmac
      System.Threading.Thread (>= 4.0) - restriction: == xamarinmac
      System.Threading.ThreadPool (>= 4.0.10) - restriction: == xamarinmac
      System.Threading.Timer (>= 4.0.1) - restriction: == xamarinmac
    Microsoft.CSharp (4.5) - restriction: || (&& (== netstandard2.0) (< netstandard1.3)) (== xamarinmac)
    Microsoft.NETCore.Platforms (2.2) - restriction: || (&& (== netstandard2.0) (>= xamarinmac)) (== xamarinmac)
    Microsoft.Win32.Primitives (4.3) - restriction: || (&& (== netstandard2.0) (>= xamarinmac)) (== xamarinmac)
    NETStandard.Library (2.0.3) - restriction: || (&& (== netstandard2.0) (>= xamarinmac)) (== xamarinmac)
      Microsoft.NETCore.Platforms (>= 1.1)
      Microsoft.Win32.Primitives (>= 4.3) - restriction: || (&& (== netstandard2.0) (< netstandard1.4)) (&& (== netstandard2.0) (< netstandard1.5)) (&& (== netstandard2.0) (< netstandard1.6)) (&& (== netstandard2.0) (>= uap10.0)) (== xamarinmac)
      System.AppContext (>= 4.3) - restriction: || (&& (== netstandard2.0) (< netstandard1.4)) (&& (== netstandard2.0) (< netstandard1.5)) (&& (== netstandard2.0) (< netstandard1.6)) (&& (== netstandard2.0) (>= uap10.0)) (== xamarinmac)
      System.Collections (>= 4.3) - restriction: || (&& (== netstandard2.0) (< netstandard1.2)) (&& (== netstandard2.0) (< netstandard1.3)) (&& (== netstandard2.0) (< netstandard1.4)) (&& (== netstandard2.0) (< netstandard1.5)) (&& (== netstandard2.0) (< netstandard1.6)) (&& (== netstandard2.0) (< portable-net45+win8+wpa81)) (&& (== netstandard2.0) (>= uap10.0)) (== xamarinmac)
      System.Collections.Concurrent (>= 4.3) - restriction: || (&& (== netstandard2.0) (< netstandard1.2)) (&& (== netstandard2.0) (< netstandard1.3)) (&& (== netstandard2.0) (< netstandard1.4)) (&& (== netstandard2.0) (< netstandard1.5)) (&& (== netstandard2.0) (< netstandard1.6)) (&& (== netstandard2.0) (>= uap10.0)) (== xamarinmac)
      System.Console (>= 4.3) - restriction: || (&& (== netstandard2.0) (< netstandard1.4)) (&& (== netstandard2.0) (< netstandard1.5)) (&& (== netstandard2.0) (< netstandard1.6)) (&& (== netstandard2.0) (>= uap10.0)) (== xamarinmac)
      System.Diagnostics.Debug (>= 4.3) - restriction: || (&& (== netstandard2.0) (< netstandard1.2)) (&& (== netstandard2.0) (< netstandard1.3)) (&& (== netstandard2.0) (< netstandard1.4)) (&& (== netstandard2.0) (< netstandard1.5)) (&& (== netstandard2.0) (< netstandard1.6)) (&& (== netstandard2.0) (< portable-net45+win8+wpa81)) (&& (== netstandard2.0) (>= uap10.0)) (== xamarinmac)
      System.Diagnostics.Tools (>= 4.3) - restriction: || (&& (== netstandard2.0) (< netstandard1.2)) (&& (== netstandard2.0) (< netstandard1.3)) (&& (== netstandard2.0) (< netstandard1.4)) (&& (== netstandard2.0) (< netstandard1.5)) (&& (== netstandard2.0) (< netstandard1.6)) (&& (== netstandard2.0) (< portable-net45+win8+wpa81)) (&& (== netstandard2.0) (>= uap10.0)) (== xamarinmac)
      System.Diagnostics.Tracing (>= 4.3) - restriction: || (&& (== netstandard2.0) (< netstandard1.2)) (&& (== netstandard2.0) (< netstandard1.3)) (&& (== netstandard2.0) (< netstandard1.4)) (&& (== netstandard2.0) (< netstandard1.5)) (&& (== netstandard2.0) (< netstandard1.6)) (&& (== netstandard2.0) (>= uap10.0)) (== xamarinmac)
      System.Globalization (>= 4.3) - restriction: || (&& (== netstandard2.0) (< netstandard1.2)) (&& (== netstandard2.0) (< netstandard1.3)) (&& (== netstandard2.0) (< netstandard1.4)) (&& (== netstandard2.0) (< netstandard1.5)) (&& (== netstandard2.0) (< netstandard1.6)) (&& (== netstandard2.0) (< portable-net45+win8+wpa81)) (&& (== netstandard2.0) (>= uap10.0)) (== xamarinmac)
      System.Globalization.Calendars (>= 4.3) - restriction: || (&& (== netstandard2.0) (< netstandard1.4)) (&& (== netstandard2.0) (< netstandard1.5)) (&& (== netstandard2.0) (< netstandard1.6)) (&& (== netstandard2.0) (>= uap10.0)) (== xamarinmac)
      System.IO (>= 4.3) - restriction: || (&& (== netstandard2.0) (< netstandard1.2)) (&& (== netstandard2.0) (< netstandard1.3)) (&& (== netstandard2.0) (< netstandard1.4)) (&& (== netstandard2.0) (< netstandard1.5)) (&& (== netstandard2.0) (< netstandard1.6)) (&& (== netstandard2.0) (< portable-net45+win8+wpa81)) (&& (== netstandard2.0) (>= uap10.0)) (== xamarinmac)
      System.IO.Compression (>= 4.3) - restriction: || (&& (== netstandard2.0) (< netstandard1.2)) (&& (== netstandard2.0) (< netstandard1.3)) (&& (== netstandard2.0) (< netstandard1.4)) (&& (== netstandard2.0) (< netstandard1.5)) (&& (== netstandard2.0) (< netstandard1.6)) (&& (== netstandard2.0) (>= uap10.0)) (== xamarinmac)
      System.IO.Compression.ZipFile (>= 4.3) - restriction: || (&& (== netstandard2.0) (< netstandard1.4)) (&& (== netstandard2.0) (< netstandard1.5)) (&& (== netstandard2.0) (< netstandard1.6)) (&& (== netstandard2.0) (>= uap10.0)) (== xamarinmac)
      System.IO.FileSystem (>= 4.3) - restriction: || (&& (== netstandard2.0) (< netstandard1.4)) (&& (== netstandard2.0) (< netstandard1.5)) (&& (== netstandard2.0) (< netstandard1.6)) (&& (== netstandard2.0) (>= uap10.0)) (== xamarinmac)
      System.IO.FileSystem.Primitives (>= 4.3) - restriction: || (&& (== netstandard2.0) (< netstandard1.4)) (&& (== netstandard2.0) (< netstandard1.5)) (&& (== netstandard2.0) (< netstandard1.6)) (&& (== netstandard2.0) (>= uap10.0)) (== xamarinmac)
      System.Linq (>= 4.3) - restriction: || (&& (== netstandard2.0) (< netstandard1.2)) (&& (== netstandard2.0) (< netstandard1.3)) (&& (== netstandard2.0) (< netstandard1.4)) (&& (== netstandard2.0) (< netstandard1.5)) (&& (== netstandard2.0) (< netstandard1.6)) (&& (== netstandard2.0) (< portable-net45+win8+wpa81)) (&& (== netstandard2.0) (>= uap10.0)) (== xamarinmac)
      System.Linq.Expressions (>= 4.3) - restriction: || (&& (== netstandard2.0) (< netstandard1.2)) (&& (== netstandard2.0) (< netstandard1.3)) (&& (== netstandard2.0) (< netstandard1.4)) (&& (== netstandard2.0) (< netstandard1.5)) (&& (== netstandard2.0) (< netstandard1.6)) (&& (== netstandard2.0) (< portable-net45+win8+wpa81)) (&& (== netstandard2.0) (>= uap10.0)) (== xamarinmac)
      System.Net.Http (>= 4.3.2) - restriction: || (&& (== netstandard2.0) (< netstandard1.2)) (&& (== netstandard2.0) (< netstandard1.3)) (&& (== netstandard2.0) (< netstandard1.4)) (&& (== netstandard2.0) (< netstandard1.5)) (&& (== netstandard2.0) (< netstandard1.6)) (&& (== netstandard2.0) (>= uap10.0)) (== xamarinmac)
      System.Net.Primitives (>= 4.3) - restriction: || (&& (== netstandard2.0) (< netstandard1.2)) (&& (== netstandard2.0) (< netstandard1.3)) (&& (== netstandard2.0) (< netstandard1.4)) (&& (== netstandard2.0) (< netstandard1.5)) (&& (== netstandard2.0) (< netstandard1.6)) (&& (== netstandard2.0) (< portable-net45+win8+wpa81)) (&& (== netstandard2.0) (>= uap10.0)) (== xamarinmac)
      System.Net.Sockets (>= 4.3) - restriction: || (&& (== netstandard2.0) (< netstandard1.4)) (&& (== netstandard2.0) (< netstandard1.5)) (&& (== netstandard2.0) (< netstandard1.6)) (&& (== netstandard2.0) (>= uap10.0)) (== xamarinmac)
      System.ObjectModel (>= 4.3) - restriction: || (&& (== netstandard2.0) (< netstandard1.2)) (&& (== netstandard2.0) (< netstandard1.3)) (&& (== netstandard2.0) (< netstandard1.4)) (&& (== netstandard2.0) (< netstandard1.5)) (&& (== netstandard2.0) (< netstandard1.6)) (&& (== netstandard2.0) (< portable-net45+win8+wpa81)) (&& (== netstandard2.0) (>= uap10.0)) (== xamarinmac)
      System.Reflection (>= 4.3) - restriction: || (&& (== netstandard2.0) (< netstandard1.2)) (&& (== netstandard2.0) (< netstandard1.3)) (&& (== netstandard2.0) (< netstandard1.4)) (&& (== netstandard2.0) (< netstandard1.5)) (&& (== netstandard2.0) (< netstandard1.6)) (&& (== netstandard2.0) (< portable-net45+win8+wpa81)) (&& (== netstandard2.0) (>= uap10.0)) (== xamarinmac)
      System.Reflection.Extensions (>= 4.3) - restriction: || (&& (== netstandard2.0) (< netstandard1.2)) (&& (== netstandard2.0) (< netstandard1.3)) (&& (== netstandard2.0) (< netstandard1.4)) (&& (== netstandard2.0) (< netstandard1.5)) (&& (== netstandard2.0) (< netstandard1.6)) (&& (== netstandard2.0) (< portable-net45+win8+wpa81)) (&& (== netstandard2.0) (>= uap10.0)) (== xamarinmac)
      System.Reflection.Primitives (>= 4.3) - restriction: || (&& (== netstandard2.0) (< netstandard1.2)) (&& (== netstandard2.0) (< netstandard1.3)) (&& (== netstandard2.0) (< netstandard1.4)) (&& (== netstandard2.0) (< netstandard1.5)) (&& (== netstandard2.0) (< netstandard1.6)) (&& (== netstandard2.0) (< portable-net45+win8+wpa81)) (&& (== netstandard2.0) (>= uap10.0)) (== xamarinmac)
      System.Resources.ResourceManager (>= 4.3) - restriction: || (&& (== netstandard2.0) (< netstandard1.2)) (&& (== netstandard2.0) (< netstandard1.3)) (&& (== netstandard2.0) (< netstandard1.4)) (&& (== netstandard2.0) (< netstandard1.5)) (&& (== netstandard2.0) (< netstandard1.6)) (&& (== netstandard2.0) (< portable-net45+win8+wpa81)) (&& (== netstandard2.0) (>= uap10.0)) (== xamarinmac)
      System.Runtime (>= 4.3) - restriction: || (&& (== netstandard2.0) (< netstandard1.2)) (&& (== netstandard2.0) (< netstandard1.3)) (&& (== netstandard2.0) (< netstandard1.4)) (&& (== netstandard2.0) (< netstandard1.5)) (&& (== netstandard2.0) (< netstandard1.6)) (&& (== netstandard2.0) (< portable-net45+win8+wpa81)) (&& (== netstandard2.0) (>= uap10.0)) (== xamarinmac)
      System.Runtime.Extensions (>= 4.3) - restriction: || (&& (== netstandard2.0) (< netstandard1.2)) (&& (== netstandard2.0) (< netstandard1.3)) (&& (== netstandard2.0) (< netstandard1.4)) (&& (== netstandard2.0) (< netstandard1.5)) (&& (== netstandard2.0) (< netstandard1.6)) (&& (== netstandard2.0) (< portable-net45+win8+wpa81)) (&& (== netstandard2.0) (>= uap10.0)) (== xamarinmac)
      System.Runtime.Handles (>= 4.3) - restriction: || (&& (== netstandard2.0) (< netstandard1.4)) (&& (== netstandard2.0) (< netstandard1.5)) (&& (== netstandard2.0) (< netstandard1.6)) (&& (== netstandard2.0) (>= uap10.0)) (== xamarinmac)
      System.Runtime.InteropServices (>= 4.3) - restriction: || (&& (== netstandard2.0) (< netstandard1.2)) (&& (== netstandard2.0) (< netstandard1.3)) (&& (== netstandard2.0) (< netstandard1.4)) (&& (== netstandard2.0) (< netstandard1.5)) (&& (== netstandard2.0) (< netstandard1.6)) (&& (== netstandard2.0) (>= uap10.0)) (== xamarinmac)
      System.Runtime.InteropServices.RuntimeInformation (>= 4.3) - restriction: || (&& (== netstandard2.0) (< netstandard1.0)) (&& (== netstandard2.0) (< netstandard1.2)) (&& (== netstandard2.0) (< netstandard1.3)) (&& (== netstandard2.0) (< netstandard1.4)) (&& (== netstandard2.0) (< netstandard1.5)) (&& (== netstandard2.0) (< netstandard1.6)) (&& (== netstandard2.0) (>= uap10.0)) (== xamarinmac)
      System.Runtime.Numerics (>= 4.3) - restriction: || (&& (== netstandard2.0) (< netstandard1.2)) (&& (== netstandard2.0) (< netstandard1.3)) (&& (== netstandard2.0) (< netstandard1.4)) (&& (== netstandard2.0) (< netstandard1.5)) (&& (== netstandard2.0) (< netstandard1.6)) (&& (== netstandard2.0) (>= uap10.0)) (== xamarinmac)
      System.Security.Cryptography.Algorithms (>= 4.3) - restriction: || (&& (== netstandard2.0) (< netstandard1.4)) (&& (== netstandard2.0) (< netstandard1.5)) (&& (== netstandard2.0) (< netstandard1.6)) (&& (== netstandard2.0) (>= uap10.0)) (== xamarinmac)
      System.Security.Cryptography.Encoding (>= 4.3) - restriction: || (&& (== netstandard2.0) (< netstandard1.4)) (&& (== netstandard2.0) (< netstandard1.5)) (&& (== netstandard2.0) (< netstandard1.6)) (&& (== netstandard2.0) (>= uap10.0)) (== xamarinmac)
      System.Security.Cryptography.Primitives (>= 4.3) - restriction: || (&& (== netstandard2.0) (< netstandard1.4)) (&& (== netstandard2.0) (< netstandard1.5)) (&& (== netstandard2.0) (< netstandard1.6)) (&& (== netstandard2.0) (>= uap10.0)) (== xamarinmac)
      System.Security.Cryptography.X509Certificates (>= 4.3) - restriction: || (&& (== netstandard2.0) (< netstandard1.4)) (&& (== netstandard2.0) (< netstandard1.5)) (&& (== netstandard2.0) (< netstandard1.6)) (&& (== netstandard2.0) (>= uap10.0)) (== xamarinmac)
      System.Text.Encoding (>= 4.3) - restriction: || (&& (== netstandard2.0) (< netstandard1.2)) (&& (== netstandard2.0) (< netstandard1.3)) (&& (== netstandard2.0) (< netstandard1.4)) (&& (== netstandard2.0) (< netstandard1.5)) (&& (== netstandard2.0) (< netstandard1.6)) (&& (== netstandard2.0) (< portable-net45+win8+wpa81)) (&& (== netstandard2.0) (>= uap10.0)) (== xamarinmac)
      System.Text.Encoding.Extensions (>= 4.3) - restriction: || (&& (== netstandard2.0) (< netstandard1.2)) (&& (== netstandard2.0) (< netstandard1.3)) (&& (== netstandard2.0) (< netstandard1.4)) (&& (== netstandard2.0) (< netstandard1.5)) (&& (== netstandard2.0) (< netstandard1.6)) (&& (== netstandard2.0) (< portable-net45+win8+wpa81)) (&& (== netstandard2.0) (>= uap10.0)) (== xamarinmac)
      System.Text.RegularExpressions (>= 4.3) - restriction: || (&& (== netstandard2.0) (< netstandard1.2)) (&& (== netstandard2.0) (< netstandard1.3)) (&& (== netstandard2.0) (< netstandard1.4)) (&& (== netstandard2.0) (< netstandard1.5)) (&& (== netstandard2.0) (< netstandard1.6)) (&& (== netstandard2.0) (< portable-net45+win8+wpa81)) (&& (== netstandard2.0) (>= uap10.0)) (== xamarinmac)
      System.Threading (>= 4.3) - restriction: || (&& (== netstandard2.0) (< netstandard1.2)) (&& (== netstandard2.0) (< netstandard1.3)) (&& (== netstandard2.0) (< netstandard1.4)) (&& (== netstandard2.0) (< netstandard1.5)) (&& (== netstandard2.0) (< netstandard1.6)) (&& (== netstandard2.0) (< portable-net45+win8+wpa81)) (&& (== netstandard2.0) (>= uap10.0)) (== xamarinmac)
      System.Threading.Tasks (>= 4.3) - restriction: || (&& (== netstandard2.0) (< netstandard1.2)) (&& (== netstandard2.0) (< netstandard1.3)) (&& (== netstandard2.0) (< netstandard1.4)) (&& (== netstandard2.0) (< netstandard1.5)) (&& (== netstandard2.0) (< netstandard1.6)) (&& (== netstandard2.0) (< portable-net45+win8+wpa81)) (&& (== netstandard2.0) (>= uap10.0)) (== xamarinmac)
      System.Threading.Timer (>= 4.3) - restriction: || (&& (== netstandard2.0) (< netstandard1.3)) (&& (== netstandard2.0) (< netstandard1.4)) (&& (== netstandard2.0) (< netstandard1.5)) (&& (== netstandard2.0) (< netstandard1.6)) (&& (== netstandard2.0) (>= uap10.0)) (== xamarinmac)
      System.Xml.ReaderWriter (>= 4.3) - restriction: || (&& (== netstandard2.0) (< netstandard1.2)) (&& (== netstandard2.0) (< netstandard1.3)) (&& (== netstandard2.0) (< netstandard1.4)) (&& (== netstandard2.0) (< netstandard1.5)) (&& (== netstandard2.0) (< netstandard1.6)) (&& (== netstandard2.0) (< portable-net45+win8+wpa81)) (&& (== netstandard2.0) (>= uap10.0)) (== xamarinmac)
      System.Xml.XDocument (>= 4.3) - restriction: || (&& (== netstandard2.0) (< netstandard1.2)) (&& (== netstandard2.0) (< netstandard1.3)) (&& (== netstandard2.0) (< netstandard1.4)) (&& (== netstandard2.0) (< netstandard1.5)) (&& (== netstandard2.0) (< netstandard1.6)) (&& (== netstandard2.0) (< portable-net45+win8+wpa81)) (&& (== netstandard2.0) (>= uap10.0)) (== xamarinmac)
    Newtonsoft.Json (12.0.1)
      Microsoft.CSharp (>= 4.3) - restriction: || (&& (== netstandard2.0) (< netstandard1.3)) (== xamarinmac)
      NETStandard.Library (>= 1.6.1) - restriction: || (&& (== netstandard2.0) (< netstandard1.3)) (== xamarinmac)
      System.ComponentModel.TypeConverter (>= 4.3) - restriction: || (&& (== netstandard2.0) (< netstandard1.3)) (== xamarinmac)
      System.Runtime.Serialization.Formatters (>= 4.3) - restriction: == xamarinmac
      System.Runtime.Serialization.Primitives (>= 4.3) - restriction: || (&& (== netstandard2.0) (< netstandard1.3)) (== xamarinmac)
      System.Xml.XmlDocument (>= 4.3) - restriction: == xamarinmac
    System.AppContext (4.3) - restriction: || (&& (== netstandard2.0) (>= xamarinmac)) (== xamarinmac)
    System.Collections (4.3)
    System.Collections.Concurrent (4.3)
    System.ComponentModel.TypeConverter (4.3) - restriction: || (&& (== netstandard2.0) (< netstandard1.3)) (== xamarinmac)
    System.Console (4.3.1) - restriction: || (&& (== netstandard2.0) (>= xamarinmac)) (== xamarinmac)
    System.Diagnostics.Debug (4.3)
    System.Diagnostics.Tools (4.3) - restriction: || (&& (== netstandard2.0) (>= xamarinmac)) (== xamarinmac)
    System.Diagnostics.Tracing (4.3) - restriction: || (&& (== netstandard2.0) (>= xamarinmac)) (== xamarinmac)
    System.Globalization (4.3)
    System.Globalization.Calendars (4.3) - restriction: || (&& (== netstandard2.0) (>= xamarinmac)) (== xamarinmac)
    System.IO (4.3)
    System.IO.Compression (4.3) - restriction: || (&& (== netstandard2.0) (>= xamarinmac)) (== xamarinmac)
    System.IO.Compression.ZipFile (4.3) - restriction: || (&& (== netstandard2.0) (>= xamarinmac)) (== xamarinmac)
    System.IO.FileSystem (4.3) - restriction: || (&& (== netstandard2.0) (>= xamarinmac)) (== xamarinmac)
    System.IO.FileSystem.Primitives (4.3) - restriction: || (&& (== netstandard2.0) (>= xamarinmac)) (== xamarinmac)
    System.IO.Packaging (4.5)
      System.Collections (>= 4.3) - restriction: == xamarinmac
      System.Diagnostics.Debug (>= 4.3) - restriction: == xamarinmac
      System.Globalization (>= 4.3) - restriction: == xamarinmac
      System.IO (>= 4.3) - restriction: == xamarinmac
      System.IO.Compression (>= 4.3) - restriction: == xamarinmac
      System.IO.FileSystem (>= 4.3) - restriction: == xamarinmac
      System.IO.FileSystem.Primitives (>= 4.3) - restriction: || (&& (== netstandard2.0) (>= net46)) (== xamarinmac)
      System.Resources.ResourceManager (>= 4.3) - restriction: == xamarinmac
      System.Runtime (>= 4.3) - restriction: == xamarinmac
      System.Runtime.Extensions (>= 4.3) - restriction: == xamarinmac
      System.Text.Encoding (>= 4.3) - restriction: == xamarinmac
      System.Xml.ReaderWriter (>= 4.3) - restriction: == xamarinmac
    System.Linq (4.3)
    System.Linq.Expressions (4.3) - restriction: || (&& (== netstandard2.0) (>= xamarinmac)) (== xamarinmac)
    System.Linq.Queryable (4.3) - restriction: == xamarinmac
    System.Net.Http (4.3.4) - restriction: || (&& (== netstandard2.0) (>= xamarinmac)) (== xamarinmac)
    System.Net.Primitives (4.3) - restriction: || (&& (== netstandard2.0) (>= xamarinmac)) (== xamarinmac)
    System.Net.Requests (4.3) - restriction: == xamarinmac
    System.Net.Sockets (4.3) - restriction: || (&& (== netstandard2.0) (>= xamarinmac)) (== xamarinmac)
    System.ObjectModel (4.3) - restriction: || (&& (== netstandard2.0) (>= xamarinmac)) (== xamarinmac)
    System.Private.DataContractSerialization (4.3) - restriction: || (== netstandard2.0) (&& (== xamarinmac) (>= dnxcore50))
      System.Collections (>= 4.3) - restriction: || (== netstandard2.0) (&& (== xamarinmac) (>= dnxcore50))
      System.Collections.Concurrent (>= 4.3) - restriction: || (== netstandard2.0) (&& (== xamarinmac) (>= dnxcore50))
      System.Diagnostics.Debug (>= 4.3) - restriction: || (== netstandard2.0) (&& (== xamarinmac) (>= dnxcore50))
      System.Globalization (>= 4.3) - restriction: || (== netstandard2.0) (&& (== xamarinmac) (>= dnxcore50))
      System.IO (>= 4.3) - restriction: || (== netstandard2.0) (&& (== xamarinmac) (>= dnxcore50))
      System.Linq (>= 4.3) - restriction: || (== netstandard2.0) (&& (== xamarinmac) (>= dnxcore50))
      System.Reflection (>= 4.3) - restriction: || (== netstandard2.0) (&& (== xamarinmac) (>= dnxcore50))
      System.Reflection.Emit.ILGeneration (>= 4.3) - restriction: == netstandard2.0
      System.Reflection.Emit.Lightweight (>= 4.3) - restriction: == netstandard2.0
      System.Reflection.Extensions (>= 4.3) - restriction: || (== netstandard2.0) (&& (== xamarinmac) (>= dnxcore50))
      System.Reflection.Primitives (>= 4.3) - restriction: || (== netstandard2.0) (&& (== xamarinmac) (>= dnxcore50))
      System.Reflection.TypeExtensions (>= 4.3) - restriction: || (== netstandard2.0) (&& (== xamarinmac) (>= dnxcore50)) (&& (== xamarinmac) (>= net46))
      System.Resources.ResourceManager (>= 4.3) - restriction: || (== netstandard2.0) (&& (== xamarinmac) (>= dnxcore50))
      System.Runtime (>= 4.3) - restriction: || (== netstandard2.0) (&& (== xamarinmac) (>= dnxcore50))
      System.Runtime.Extensions (>= 4.3) - restriction: || (== netstandard2.0) (&& (== xamarinmac) (>= dnxcore50))
      System.Runtime.Serialization.Primitives (>= 4.3) - restriction: || (== netstandard2.0) (&& (== xamarinmac) (>= dnxcore50)) (&& (== xamarinmac) (>= net46))
      System.Text.Encoding (>= 4.3) - restriction: || (== netstandard2.0) (&& (== xamarinmac) (>= dnxcore50))
      System.Text.Encoding.Extensions (>= 4.3) - restriction: || (== netstandard2.0) (&& (== xamarinmac) (>= dnxcore50))
      System.Text.RegularExpressions (>= 4.3) - restriction: || (== netstandard2.0) (&& (== xamarinmac) (>= dnxcore50))
      System.Threading (>= 4.3) - restriction: || (== netstandard2.0) (&& (== xamarinmac) (>= dnxcore50))
      System.Threading.Tasks (>= 4.3) - restriction: || (== netstandard2.0) (&& (== xamarinmac) (>= dnxcore50))
      System.Xml.ReaderWriter (>= 4.3) - restriction: || (== netstandard2.0) (&& (== xamarinmac) (>= dnxcore50))
      System.Xml.XDocument (>= 4.3) - restriction: || (== netstandard2.0) (&& (== xamarinmac) (>= dnxcore50))
      System.Xml.XmlDocument (>= 4.3) - restriction: || (== netstandard2.0) (&& (== xamarinmac) (>= dnxcore50)) (&& (== xamarinmac) (>= net46))
      System.Xml.XmlSerializer (>= 4.3) - restriction: || (== netstandard2.0) (&& (== xamarinmac) (>= dnxcore50))
    System.Reflection (4.3)
    System.Reflection.Emit (4.3) - restriction: || (== netstandard2.0) (&& (== xamarinmac) (>= dnxcore50))
      System.IO (>= 4.3) - restriction: == netstandard2.0
      System.Reflection (>= 4.3) - restriction: == netstandard2.0
      System.Reflection.Emit.ILGeneration (>= 4.3) - restriction: == netstandard2.0
      System.Reflection.Primitives (>= 4.3) - restriction: == netstandard2.0
      System.Runtime (>= 4.3) - restriction: == netstandard2.0
    System.Reflection.Emit.ILGeneration (4.3) - restriction: || (== netstandard2.0) (&& (== xamarinmac) (>= dnxcore50))
      System.Reflection (>= 4.3) - restriction: == netstandard2.0
      System.Reflection.Primitives (>= 4.3) - restriction: == netstandard2.0
      System.Runtime (>= 4.3) - restriction: == netstandard2.0
    System.Reflection.Emit.Lightweight (4.3) - restriction: || (== netstandard2.0) (&& (== xamarinmac) (>= dnxcore50))
      System.Reflection (>= 4.3) - restriction: == netstandard2.0
      System.Reflection.Emit.ILGeneration (>= 4.3) - restriction: == netstandard2.0
      System.Reflection.Primitives (>= 4.3) - restriction: == netstandard2.0
      System.Runtime (>= 4.3) - restriction: == netstandard2.0
    System.Reflection.Extensions (4.3)
    System.Reflection.Primitives (4.3)
    System.Reflection.TypeExtensions (4.5.1) - restriction: || (== netstandard2.0) (&& (== xamarinmac) (>= dnxcore50))
    System.Resources.ResourceManager (4.3)
    System.Runtime (4.3.1)
    System.Runtime.Extensions (4.3.1)
    System.Runtime.Handles (4.3) - restriction: || (&& (== netstandard2.0) (>= xamarinmac)) (== xamarinmac)
    System.Runtime.InteropServices (4.3) - restriction: || (&& (== netstandard2.0) (>= xamarinmac)) (== xamarinmac)
    System.Runtime.InteropServices.RuntimeInformation (4.3) - restriction: || (&& (== netstandard2.0) (>= xamarinmac)) (== xamarinmac)
    System.Runtime.Numerics (4.3) - restriction: || (&& (== netstandard2.0) (>= xamarinmac)) (== xamarinmac)
    System.Runtime.Serialization.Formatters (4.3) - restriction: == xamarinmac
    System.Runtime.Serialization.Primitives (4.3)
    System.Runtime.Serialization.Xml (4.3)
      System.IO (>= 4.3) - restriction: || (== netstandard2.0) (&& (== xamarinmac) (>= dnxcore50)) (&& (== xamarinmac) (< netstandard1.3))
      System.Private.DataContractSerialization (>= 4.3) - restriction: || (== netstandard2.0) (&& (== xamarinmac) (>= dnxcore50))
      System.Runtime (>= 4.3) - restriction: || (== netstandard2.0) (&& (== xamarinmac) (>= dnxcore50)) (&& (== xamarinmac) (< netstandard1.3))
      System.Runtime.Serialization.Primitives (>= 4.3) - restriction: || (== netstandard2.0) (&& (== xamarinmac) (>= dnxcore50)) (&& (== xamarinmac) (>= net46))
      System.Text.Encoding (>= 4.3) - restriction: || (== netstandard2.0) (&& (== xamarinmac) (>= dnxcore50)) (&& (== xamarinmac) (< netstandard1.3))
      System.Xml.ReaderWriter (>= 4.3) - restriction: || (== netstandard2.0) (&& (== xamarinmac) (>= dnxcore50)) (&& (== xamarinmac) (< netstandard1.3))
    System.Security.Cryptography.Algorithms (4.3.1) - restriction: || (&& (== netstandard2.0) (>= xamarinmac)) (== xamarinmac)
    System.Security.Cryptography.Encoding (4.3) - restriction: || (&& (== netstandard2.0) (>= xamarinmac)) (== xamarinmac)
    System.Security.Cryptography.Primitives (4.3) - restriction: || (&& (== netstandard2.0) (>= xamarinmac)) (== xamarinmac)
    System.Security.Cryptography.X509Certificates (4.3.2) - restriction: || (&& (== netstandard2.0) (>= xamarinmac)) (== xamarinmac)
    System.Text.Encoding (4.3)
    System.Text.Encoding.Extensions (4.3)
    System.Text.RegularExpressions (4.3)
    System.Threading (4.3)
    System.Threading.Tasks (4.3)
    System.Threading.Tasks.Parallel (4.3) - restriction: == xamarinmac
    System.Threading.Thread (4.3) - restriction: == xamarinmac
    System.Threading.ThreadPool (4.3) - restriction: == xamarinmac
    System.Threading.Timer (4.3) - restriction: || (&& (== netstandard2.0) (>= xamarinmac)) (== xamarinmac)
    System.Xml.ReaderWriter (4.3.1)
    System.Xml.XDocument (4.3)
    System.Xml.XmlDocument (4.3)
    System.Xml.XmlSerializer (4.3) - restriction: || (== netstandard2.0) (&& (== xamarinmac) (>= dnxcore50))
      System.Collections (>= 4.3) - restriction: || (== netstandard2.0) (&& (== xamarinmac) (>= dnxcore50))
      System.Globalization (>= 4.3) - restriction: || (== netstandard2.0) (&& (== xamarinmac) (>= dnxcore50))
      System.IO (>= 4.3) - restriction: || (== netstandard2.0) (&& (== xamarinmac) (>= dnxcore50)) (&& (== xamarinmac) (< netstandard1.3))
      System.Linq (>= 4.3) - restriction: || (== netstandard2.0) (&& (== xamarinmac) (>= dnxcore50))
      System.Reflection (>= 4.3) - restriction: || (== netstandard2.0) (&& (== xamarinmac) (>= dnxcore50))
      System.Reflection.Emit (>= 4.3) - restriction: || (== netstandard2.0) (&& (== xamarinmac) (>= dnxcore50))
      System.Reflection.Emit.ILGeneration (>= 4.3) - restriction: || (== netstandard2.0) (&& (== xamarinmac) (>= dnxcore50))
      System.Reflection.Extensions (>= 4.3) - restriction: || (== netstandard2.0) (&& (== xamarinmac) (>= dnxcore50))
      System.Reflection.Primitives (>= 4.3) - restriction: || (== netstandard2.0) (&& (== xamarinmac) (>= dnxcore50))
      System.Reflection.TypeExtensions (>= 4.3) - restriction: || (== netstandard2.0) (&& (== xamarinmac) (>= dnxcore50))
      System.Resources.ResourceManager (>= 4.3) - restriction: || (== netstandard2.0) (&& (== xamarinmac) (>= dnxcore50))
      System.Runtime (>= 4.3) - restriction: || (== netstandard2.0) (&& (== xamarinmac) (>= dnxcore50)) (&& (== xamarinmac) (< netstandard1.3))
      System.Runtime.Extensions (>= 4.3) - restriction: || (== netstandard2.0) (&& (== xamarinmac) (>= dnxcore50))
      System.Text.RegularExpressions (>= 4.3) - restriction: || (== netstandard2.0) (&& (== xamarinmac) (>= dnxcore50))
      System.Threading (>= 4.3) - restriction: || (== netstandard2.0) (&& (== xamarinmac) (>= dnxcore50))
      System.Xml.ReaderWriter (>= 4.3) - restriction: || (== netstandard2.0) (&& (== xamarinmac) (>= dnxcore50)) (&& (== xamarinmac) (< netstandard1.3))
      System.Xml.XmlDocument (>= 4.3) - restriction: || (== netstandard2.0) (&& (== xamarinmac) (>= dnxcore50))
    Xamarin.Forms (3.5.0.129452)
